GIT
  remote: https://github.com/mojombo/jekyll.git
  revision: 12989f9a4e9aa44a7ad16cdd3578968085114efc
  tag: v1.3.0
  specs:
    jekyll (1.3.0)
      classifier (~> 1.3)
      colorator (~> 0.1)
      commander (~> 4.1.3)
      liquid (~> 2.5.2)
      listen (~> 1.3)
      maruku (~> 0.6.0)
      pygments.rb (~> 0.5.0)
      redcarpet (~> 2.3.0)
      safe_yaml (~> 0.9.7)

GEM
  remote: http://rubygems.org/
  specs:
    aws-sdk (1.8.5)
      json (~> 1.4)
      nokogiri (>= 1.4.4)
      uuidtools (~> 2.1)
    classifier (1.3.3)
      fast-stemmer (>= 1.0.0)
    cmdparse (2.0.5)
    coderay (1.1.0)
    colorator (0.1)
    colored (1.2)
    commander (4.1.5)
      highline (~> 1.6.11)
    configure-s3-website (1.5.1)
      deep_merge (= 1.0.0)
    deep_merge (1.0.0)
    erubis (2.7.0)
    fast-stemmer (1.0.2)
    ffi (1.9.3)
    filey-diff (1.4.2)
    highline (1.6.20)
    json (1.8.1)
    juicer (1.1.1)
      cmdparse
      nokogiri (>= 1.5.0)
      rubyzip (= 0.9.9)
    liquid (2.5.4)
    listen (1.3.1)
      rb-fsevent (>= 0.9.3)
      rb-inotify (>= 0.9)
      rb-kqueue (>= 0.2)
    maruku (0.6.1)
      syntax (>= 1.0.0)
    method_source (0.8.2)
    mime-types (1.19)
    mini_portile (0.5.2)
    nokogiri (1.6.0)
      mini_portile (~> 0.5.0)
    posix-spawn (0.3.6)
    pry (0.9.12.3)
      coderay (~> 1.0)
      method_source (~> 0.8)
      slop (~> 3.4)
    pygments.rb (0.5.4)
      posix-spawn (~> 0.3.6)
      yajl-ruby (~> 1.1.0)
    rake (10.1.0)
    rb-fsevent (0.9.3)
    rb-inotify (0.9.2)
      ffi (>= 0.5.0)
    rb-kqueue (0.2.0)
      ffi (>= 0.5.0)
    redcarpet (2.3.0)
    rubyzip (0.9.9)
    s3_website (1.6.1)
      aws-sdk (~> 1.8.5)
      configure-s3-website (= 1.5.1)
      erubis (~> 2.7.0)
      filey-diff (~> 1.4.2)
      mime-types (= 1.19)
      simple-cloudfront-invalidator (~> 1)
      thor (= 0.18.1)
    safe_yaml (0.9.7)
    sass (3.2.12)
    simple-cloudfront-invalidator (1.0.1)
      colored (= 1.2)
    slop (3.4.7)
    syntax (1.0.0)
    thor (0.18.1)
    uuidtools (2.1.4)
    yajl-ruby (1.1.0)

PLATFORMS
  ruby

DEPENDENCIES
  jekyll!
  juicer
  pry
  rake
  redcarpet
  s3_website
  sass
  thor
